GIT
  remote: https://github.com/BaseCampOps/docx_templater.git
  revision: 24bd563de1d6bcb3d81529e925da1d0edaabde07
  specs:
    docx_templater (0.2.3)
      htmlentities (~> 4.3.1)
      rubyzip (~> 1.1)

GIT
  remote: https://github.com/knu/kakasi_ffi.git
  revision: 4a7632ae272e41b6719ee249919d2d18d72d7025
  specs:
    kakasi (1.0.1)

PATH
  remote: .
  specs:
    oa_templater (0.1.51)
      charlock_holmes
      docx_templater (~> 0.2, >= 0.2.3)
      kakasi

GEM
  remote: https://rubygems.org/
  specs:
    byebug (3.2.0)
      columnize (~> 0.8)
      debugger-linecache (~> 1.2)
    charlock_holmes (0.7.3)
    columnize (0.8.9)
    debugger-linecache (1.2.0)
    diff-lcs (1.2.5)
    htmlentities (4.3.2)
    rspec (3.0.0)
      rspec-core (~> 3.0.0)
      rspec-expectations (~> 3.0.0)
      rspec-mocks (~> 3.0.0)
    rspec-core (3.0.4)
      rspec-support (~> 3.0.0)
    rspec-expectations (3.0.4)
      diff-lcs (>= 1.2.0, < 2.0)
      rspec-support (~> 3.0.0)
    rspec-mocks (3.0.4)
      rspec-support (~> 3.0.0)
    rspec-support (3.0.4)
    rubyzip (1.1.6)

PLATFORMS
  ruby

DEPENDENCIES
  byebug
  docx_templater!
  kakasi!
  oa_templater!
  rspec
