GIT
  remote: https://github.com/knu/kakasi_ffi.git
  revision: bb0fa1e290f6cf8f19489b34f75fe8eeef72d076
  specs:
    kakasi (1.0.2)

GIT
  remote: https://github.com/senny/sablon.git
  revision: 00ad9c3daebdb6e8b86bcd5e1f562f31b7e9ed0f
  specs:
    sablon (0.0.18)
      nokogiri (>= 1.6.0)
      redcarpet (>= 3.2)
      rubyzip (>= 1.1)

PATH
  remote: .
  specs:
    oa_templater (0.5.19)
      charlock_holmes (~> 0)
      kakasi (~> 1.0, >= 1.0.0)
      sablon

GEM
  remote: https://rubygems.org/
  specs:
    byebug (8.2.0)
    charlock_holmes (0.7.3)
    diff-lcs (1.2.5)
    mini_portile (0.6.2)
    nokogiri (1.6.6.4)
      mini_portile (~> 0.6.0)
    rake (10.4.2)
    redcarpet (3.3.3)
    rspec (3.4.0)
      rspec-core (~> 3.4.0)
      rspec-expectations (~> 3.4.0)
      rspec-mocks (~> 3.4.0)
    rspec-core (3.4.1)
      rspec-support (~> 3.4.0)
    rspec-expectations (3.4.0)
      diff-lcs (>= 1.2.0, < 2.0)
      rspec-support (~> 3.4.0)
    rspec-mocks (3.4.0)
      diff-lcs (>= 1.2.0, < 2.0)
      rspec-support (~> 3.4.0)
    rspec-support (3.4.1)
    rubyzip (1.1.7)

PLATFORMS
  ruby

DEPENDENCIES
  byebug
  charlock_holmes
  kakasi!
  oa_templater!
  rake
  rspec
  sablon!

BUNDLED WITH
   1.11.2
