GIT
  remote: https://github.com/BaseCampOps/docx_templater.git
  revision: 24bd563de1d6bcb3d81529e925da1d0edaabde07
  specs:
    docx_templater (0.2.3)
      htmlentities (~> 4.3.1)
      rubyzip (~> 1.1)

GIT
  remote: https://github.com/knu/kakasi_ffi.git
  revision: bb0fa1e290f6cf8f19489b34f75fe8eeef72d076
  specs:
    kakasi (1.0.2)

PATH
  remote: .
  specs:
    oa_templater (0.2.71)
      charlock_holmes (~> 0)
      docx_templater (~> 0.2, >= 0.2.3)
      kakasi (~> 1.0, >= 1.0.0)

GEM
  remote: https://rubygems.org/
  specs:
    byebug (3.5.1)
      columnize (~> 0.8)
      debugger-linecache (~> 1.2)
      slop (~> 3.6)
    charlock_holmes (0.7.3)
    columnize (0.9.0)
    debugger-linecache (1.2.0)
    diff-lcs (1.2.5)
    htmlentities (4.3.3)
    rspec (3.2.0)
      rspec-core (~> 3.2.0)
      rspec-expectations (~> 3.2.0)
      rspec-mocks (~> 3.2.0)
    rspec-core (3.2.0)
      rspec-support (~> 3.2.0)
    rspec-expectations (3.2.0)
      diff-lcs (>= 1.2.0, < 2.0)
      rspec-support (~> 3.2.0)
    rspec-mocks (3.2.0)
      diff-lcs (>= 1.2.0, < 2.0)
      rspec-support (~> 3.2.0)
    rspec-support (3.2.1)
    rubyzip (1.1.7)
    slop (3.6.0)

PLATFORMS
  ruby

DEPENDENCIES
  byebug
  docx_templater!
  kakasi!
  oa_templater!
  rspec
