PATH
  remote: .
  specs:
    oa_templater (0.3.01)
      charlock_holmes (~> 0)
      kakasi (~> 1.0, >= 1.0.0)
      sablon

GEM
  remote: https://rubygems.org/
  specs:
    byebug (5.0.0)
      columnize (= 0.9.0)
    charlock_holmes (0.7.3)
    columnize (0.9.0)
    kakasi (1.0.2)
    mini_portile (0.6.2)
    nokogiri (1.6.6.2)
      mini_portile (~> 0.6.0)
    redcarpet (3.3.2)
    rubyzip (1.1.7)
    sablon (0.0.14)
      nokogiri (>= 1.6.0)
      redcarpet (>= 3.2)
      rubyzip (>= 1.1)

PLATFORMS
  ruby

DEPENDENCIES
  byebug
  oa_templater!

BUNDLED WITH
   1.10.4
